PATH
  remote: .
  specs:
    firespring_dev_commands (2.1.26.pre.alpha.2)
      activesupport (~> 7.1.2)
      aws-sdk-cloudformation (~> 1.97.0)
      aws-sdk-codepipeline (~> 1.67.0)
      aws-sdk-ecr (~> 1.68.0)
      aws-sdk-elasticache (~> 1.95.0)
      aws-sdk-lambda (~> 1.113.0)
      aws-sdk-opensearchservice (~> 1.33.0)
      aws-sdk-rds (~> 1.208.0)
      aws-sdk-s3 (~> 1.141.0)
      aws-sdk-ssm (~> 1.162.0)
      aws-sdk-sts (~> 1.11.0)
      colorize (~> 1.1.0)
      docker-api (~> 2.2.0)
      dotenv (~> 2.8.1)
      git (~> 1.18.0)
      inifile (~> 3.0.0)
      jira-ruby (~> 2.3.0)
      ox (~> 2.14.17)
      public_suffix (= 5.0.4)
      rake (~> 13.1.0)
      slack-ruby-client (~> 2.2.0)

GEM
  remote: https://rubygems.org/
  specs:
    activesupport (7.1.3)
      base64
      bigdecimal
      concurrent-ruby (~> 1.0, >= 1.0.2)
      connection_pool (>= 2.2.5)
      drb
      i18n (>= 1.6, < 2)
      minitest (>= 5.1)
      mutex_m
      tzinfo (~> 2.0)
    addressable (2.8.6)
      public_suffix (>= 2.0.2, < 6.0)
    ast (2.4.2)
    atlassian-jwt (0.2.1)
      jwt (~> 2.1)
    aws-eventstream (1.3.0)
    aws-partitions (1.892.0)
    aws-sdk-cloudformation (1.97.0)
      aws-sdk-core (~> 3, >= 3.188.0)
      aws-sigv4 (~> 1.1)
    aws-sdk-codepipeline (1.67.0)
      aws-sdk-core (~> 3, >= 3.188.0)
      aws-sigv4 (~> 1.1)
    aws-sdk-core (3.191.2)
      aws-eventstream (~> 1, >= 1.3.0)
      aws-partitions (~> 1, >= 1.651.0)
      aws-sigv4 (~> 1.8)
      base64
      jmespath (~> 1, >= 1.6.1)
    aws-sdk-ecr (1.68.0)
      aws-sdk-core (~> 3, >= 3.188.0)
      aws-sigv4 (~> 1.1)
    aws-sdk-elasticache (1.95.0)
      aws-sdk-core (~> 3, >= 3.188.0)
      aws-sigv4 (~> 1.1)
    aws-sdk-kms (1.77.0)
      aws-sdk-core (~> 3, >= 3.191.0)
      aws-sigv4 (~> 1.1)
    aws-sdk-lambda (1.113.0)
      aws-sdk-core (~> 3, >= 3.188.0)
      aws-sigv4 (~> 1.1)
    aws-sdk-opensearchservice (1.33.0)
      aws-sdk-core (~> 3, >= 3.188.0)
      aws-sigv4 (~> 1.1)
    aws-sdk-rds (1.208.0)
      aws-sdk-core (~> 3, >= 3.188.0)
      aws-sigv4 (~> 1.1)
    aws-sdk-s3 (1.141.0)
      aws-sdk-core (~> 3, >= 3.189.0)
      aws-sdk-kms (~> 1)
      aws-sigv4 (~> 1.8)
    aws-sdk-ssm (1.162.0)
      aws-sdk-core (~> 3, >= 3.188.0)
      aws-sigv4 (~> 1.1)
    aws-sdk-sts (1.11.0)
      aws-sdk-core (~> 3, >= 3.110.0)
      aws-sigv4 (~> 1.1)
    aws-sigv4 (1.8.0)
      aws-eventstream (~> 1, >= 1.0.2)
    base64 (0.2.0)
    bigdecimal (3.1.6)
    builder (3.2.4)
    bundler-audit (0.9.1)
      bundler (>= 1.2.0, < 3)
      thor (~> 1.0)
    coderay (1.1.3)
    colorize (1.1.0)
    concurrent-ruby (1.2.3)
    connection_pool (2.4.1)
    diff-lcs (1.5.1)
    docile (1.4.0)
    docker-api (2.2.0)
      excon (>= 0.47.0)
      multi_json
    dotenv (2.8.1)
    drb (2.2.0)
      ruby2_keywords
    excon (0.109.0)
    faraday (2.9.0)
      faraday-net_http (>= 2.0, < 3.2)
    faraday-mashify (0.1.1)
      faraday (~> 2.0)
      hashie
    faraday-multipart (1.0.4)
      multipart-post (~> 2)
    faraday-net_http (3.1.0)
      net-http
    git (1.18.0)
      addressable (~> 2.8)
      rchardet (~> 1.8)
    gli (2.21.1)
    hashie (5.0.0)
    i18n (1.14.1)
      concurrent-ruby (~> 1.0)
    inifile (3.0.0)
    jira-ruby (2.3.0)
      activesupport
      atlassian-jwt
      multipart-post
      oauth (~> 0.5, >= 0.5.0)
    jmespath (1.6.2)
    json (2.7.1)
    jwt (2.7.1)
    language_server-protocol (3.17.0.3)
    launchy (2.5.2)
      addressable (~> 2.8)
    method_source (1.0.0)
    minitest (5.22.2)
    multi_json (1.15.0)
    multipart-post (2.4.0)
    mutex_m (0.2.0)
    net-http (0.4.1)
      uri
    oauth (0.6.2)
      snaky_hash (~> 2.0)
      version_gem (~> 1.1)
    ox (2.14.17)
    parallel (1.24.0)
    parser (3.3.0.5)
      ast (~> 2.4.1)
      racc
    pry (0.14.2)
      coderay (~> 1.1)
      method_source (~> 1.0)
    public_suffix (5.0.4)
    racc (1.7.3)
    rainbow (3.1.1)
    rake (13.1.0)
    rchardet (1.8.0)
    regexp_parser (2.9.0)
    rexml (3.2.6)
    rspec (3.12.0)
      rspec-core (~> 3.12.0)
      rspec-expectations (~> 3.12.0)
      rspec-mocks (~> 3.12.0)
    rspec-core (3.12.3)
      rspec-support (~> 3.12.0)
    rspec-expectations (3.12.4)
      diff-lcs (>= 1.2.0, < 2.0)
      rspec-support (~> 3.12.0)
    rspec-mocks (3.12.7)
      diff-lcs (>= 1.2.0, < 2.0)
      rspec-support (~> 3.12.0)
    rspec-support (3.12.2)
    rubocop (1.54.2)
      json (~> 2.3)
      language_server-protocol (>= 3.17.0)
      parallel (~> 1.10)
      parser (>= 3.2.2.3)
      rainbow (>= 2.2.2, < 4.0)
      regexp_parser (>= 1.8, < 3.0)
      rexml (>= 3.2.5, < 4.0)
      rubocop-ast (>= 1.28.0, < 2.0)
      ruby-progressbar (~> 1.7)
      unicode-display_width (>= 2.4.0, < 3.0)
    rubocop-ast (1.30.0)
      parser (>= 3.2.1.0)
    rubocop-performance (1.18.0)
      rubocop (>= 1.7.0, < 2.0)
      rubocop-ast (>= 0.4.0)
    rubocop-rake (0.6.0)
      rubocop (~> 1.0)
    ruby-progressbar (1.13.0)
    ruby2_keywords (0.0.5)
    simplecov (0.22.0)
      docile (~> 1.1)
      simplecov-html (~> 0.11)
      simplecov_json_formatter (~> 0.1)
    simplecov-html (0.12.3)
    simplecov_json_formatter (0.1.4)
    slack-ruby-client (2.2.0)
      faraday (>= 2.0)
      faraday-mashify
      faraday-multipart
      gli
      hashie
    snaky_hash (2.0.1)
      hashie
      version_gem (~> 1.1, >= 1.1.1)
    thor (1.3.0)
    tzinfo (2.0.6)
      concurrent-ruby (~> 1.0)
    unicode-display_width (2.5.0)
    uri (0.13.0)
    version_gem (1.1.3)
    yard (0.9.34)

PLATFORMS
  x86_64-darwin-22
  x86_64-linux

DEPENDENCIES
  builder (~> 3.2.4)
  bundler-audit (~> 0.9.1)
  firespring_dev_commands!
  launchy (~> 2.5.2)
  pry (~> 0.14.2)
  rspec (~> 3.12.0)
  rubocop (~> 1.54.1)
  rubocop-performance (~> 1.18.0)
  rubocop-rake (~> 0.6.0)
  simplecov (~> 0.22.0)
  yard (~> 0.9.34)

BUNDLED WITH
   2.4.21
